GEM
  remote: https://rubygems.org/
  remote: http://geminabox.ccycloud.com:9292/
  remote: http://torquebox.org/rubygems/
  specs:
    backports (3.6.0)
    blankslate (2.1.2.4)
    edn (1.0.0)
      parslet (~> 1.4.0)
    eventmachine (1.0.3)
    eventmachine (1.0.3-java)
    json (1.7.7-java)
    multi_json (1.9.2)
    multi_xml (0.5.5)
    parslet (1.4.0)
      blankslate (~> 2.0)
    rack (1.4.1)
    rack-parser (0.2.0)
      multi_json
      multi_xml (>= 0.5.2)
      rack
    rack-protection (1.5.2)
      rack
    rack-test (0.6.2)
      rack (>= 1.0)
    rake (10.2.1)
    sinatra (1.3.4)
      rack (~> 1.4)
      rack-protection (~> 1.3)
      tilt (~> 1.3, >= 1.3.3)
    sinatra-contrib (1.3.2)
      backports (>= 2.0)
      eventmachine
      rack-protection
      rack-test
      sinatra (~> 1.3.0)
      tilt (~> 1.3)
    thor (0.19.1)
    tilt (1.4.1)
    torquebox (3.1.0)
      thor (>= 0.14.6)
      torquebox-cache (= 3.1.0)
      torquebox-configure (= 3.1.0)
      torquebox-core (= 3.1.0)
      torquebox-messaging (= 3.1.0)
      torquebox-naming (= 3.1.0)
      torquebox-rake-support (= 3.1.0)
      torquebox-security (= 3.1.0)
      torquebox-stomp (= 3.1.0)
      torquebox-transactions (= 3.1.0)
      torquebox-web (= 3.1.0)
    torquebox-cache (3.1.0-java)
      torquebox-core (= 3.1.0)
      torquebox-transactions (= 3.1.0)
    torquebox-configure (3.1.0-java)
      blankslate (= 2.1.2.4)
    torquebox-core (3.1.0-java)
      edn (= 1.0.0)
    torquebox-messaging (3.1.0-java)
      torquebox-core (= 3.1.0)
      torquebox-transactions (= 3.1.0)
    torquebox-naming (3.1.0-java)
      torquebox-core (= 3.1.0)
    torquebox-rake-support (3.1.0)
      rake (>= 0.8.7)
    torquebox-security (3.1.0-java)
      torquebox-core (= 3.1.0)
    torquebox-server (3.1.0-java)
      torquebox (= 3.1.0)
    torquebox-stomp (3.1.0)
      torquebox-core (= 3.1.0)
      torquebox-messaging (= 3.1.0)
    torquebox-transactions (3.1.0)
      torquebox-core (= 3.1.0)
    torquebox-web (3.1.0-java)

PLATFORMS
  java

DEPENDENCIES
  json (= 1.7.7)
  rack (= 1.4.1)
  rack-parser (= 0.2.0)
  sinatra (= 1.3.4)
  sinatra-contrib (= 1.3.2)
  torquebox (= 3.1.0)
  torquebox-cache (= 3.1.0)
  torquebox-messaging (= 3.1.0)
  torquebox-rake-support (= 3.1.0)
  torquebox-server (= 3.1.0)
